GEM
  remote: http://rubygems.org/
  specs:
    aws-s3 (0.6.2)
      builder
      mime-types
      xml-simple
    builder (3.0.0)
    chunky_png (1.2.5)
    compass (0.11.5)
      chunky_png (~> 1.2)
      fssm (>= 0.2.7)
      sass (~> 3.1)
    cri (2.0.2)
    fssm (0.2.7)
    kramdown (0.13.3)
    mime-types (1.16)
    nanoc3 (3.2.2)
      cri (~> 2.0)
    rack-rewrite (1.2.1)
    rake (0.9.2)
    sass (3.1.8)
    xml-simple (1.1.0)

PLATFORMS
  ruby

DEPENDENCIES
  aws-s3
  compass
  kramdown
  nanoc3
  rack-rewrite
  rake
